GEM
  remote: https://rubygems.org/
  specs:
    bibtex-ruby (4.4.4)
      latex-decode (~> 0.0)
    citeproc (1.0.5)
      namae (~> 0.8)
    citeproc-ruby (1.1.7)
      citeproc (>= 1.0.4, < 2.0)
      csl (~> 1.4)
    colorator (0.1)
    csl (1.4.5)
      namae (~> 0.7)
    csl-styles (1.0.1.8)
      csl (~> 1.0)
    ffi (1.9.10)
    jekyll (3.1.2)
      colorator (~> 0.1)
      jekyll-sass-converter (~> 1.0)
      jekyll-watch (~> 1.1)
      kramdown (~> 1.3)
      liquid (~> 3.0)
      mercenary (~> 0.3.3)
      rouge (~> 1.7)
      safe_yaml (~> 1.0)
    jekyll-sass-converter (1.4.0)
      sass (~> 3.4)
    jekyll-scholar (5.10.2)
      bibtex-ruby (~> 4.0, >= 4.0.13)
      citeproc-ruby (~> 1.0)
      csl-styles (~> 1.0)
      jekyll (~> 3.0)
    jekyll-watch (1.3.1)
      listen (~> 3.0)
    json (1.8.3)
    kramdown (1.10.0)
    latex-decode (0.2.2)
      unicode (~> 0.4)
    liquid (3.0.6)
    listen (3.0.6)
      rb-fsevent (>= 0.9.3)
      rb-inotify (>= 0.9.7)
    mercenary (0.3.5)
    namae (0.11.3)
    rb-fsevent (0.9.7)
    rb-inotify (0.9.7)
      ffi (>= 0.5.0)
    rouge (1.10.1)
    safe_yaml (1.0.4)
    sass (3.4.22)
    unicode (0.4.4.4)

PLATFORMS
  ruby

DEPENDENCIES
  jekyll
  jekyll-scholar
  json

BUNDLED WITH
   1.15.4
